GEM
  remote: https://oss:dKsnRojxtj4BG6Q1ZAMbYmQkGhN3y0Mf@gem.mutant.dev/
  specs:
    mutant-license (0.1.1.2.4262087983141546535931435514540207194094.0)

GEM
  remote: https://rubygems.org/
  specs:
    ast (2.4.2)
    diff-lcs (1.4.4)
    mutant (0.10.34)
      diff-lcs (~> 1.3)
      parser (~> 3.0.0)
      regexp_parser (~> 2.0, >= 2.0.3)
      unparser (~> 0.6.0)
    mutant-rspec (0.10.34)
      mutant (= 0.10.34)
      rspec-core (>= 3.8.0, < 4.0.0)
    parser (3.0.3.1)
      ast (~> 2.4.1)
    regexp_parser (2.1.1)
    rspec (3.10.0)
      rspec-core (~> 3.10.0)
      rspec-expectations (~> 3.10.0)
      rspec-mocks (~> 3.10.0)
    rspec-core (3.10.1)
      rspec-support (~> 3.10.0)
    rspec-expectations (3.10.1)
      diff-lcs (>= 1.2.0, < 2.0)
      rspec-support (~> 3.10.0)
    rspec-mocks (3.10.2)
      diff-lcs (>= 1.2.0, < 2.0)
      rspec-support (~> 3.10.0)
    rspec-support (3.10.3)
    unparser (0.6.0)
      diff-lcs (~> 1.3)
      parser (>= 3.0.0)

PLATFORMS
  x86_64-darwin-17
  x86_64-linux

DEPENDENCIES
  mutant-license!
  mutant-rspec
  rspec

BUNDLED WITH
   2.2.32
